PATH
  remote: .
  specs:
    deoptimize (0.0.1)

GEM
  remote: https://rubygems.org/
  specs:
    rake (10.4.2)

PLATFORMS
  ruby

DEPENDENCIES
  bundler (~> 1.3)
  deoptimize!
  rake (~> 10.3)
